GEM
  remote: https://rubygems.org/
  specs:
    coderay (1.1.2)
    concurrent-ruby (1.1.10)
    daemons (1.2.6)
    digest-crc (0.4.1)
    erubis (2.7.0)
    eventmachine (1.2.7)
    faker (1.9.1)
      i18n (>= 0.7)
    faraday (0.15.4)
      multipart-post (>= 1.2, < 3)
    i18n (1.10.0)
      concurrent-ruby (~> 1.0)
    leveldb-ruby (0.15)
    method_source (0.9.2)
    mini_portile2 (2.4.0)
    minitest (5.11.3)
    msgpack (1.2.4)
    multi_json (1.15.0)
    multipart-post (2.0.0)
    mustermann (1.1.1)
      ruby2_keywords (~> 0.0.1)
    nokogiri (1.10.8)
      mini_portile2 (~> 2.4.0)
    parallel (1.12.1)
    pg (1.1.3)
    pry (0.12.2)
      coderay (~> 1.1.0)
      method_source (~> 0.9.0)
    rack (2.2.3)
    rack-protection (2.2.0)
      rack
    rake (13.0.1)
    retriable (3.1.2)
    ruby-kafka (0.7.4)
      digest-crc
    ruby2_keywords (0.0.5)
    rufo (0.3.1)
    sentry-raven (2.9.0)
      faraday (>= 0.7.6, < 1.0)
    sequel (5.14.0)
    sinatra (2.2.0)
      mustermann (~> 1.0)
      rack (~> 2.2)
      rack-protection (= 2.2.0)
      tilt (~> 2.0)
    sinatra-contrib (2.2.0)
      multi_json
      mustermann (~> 1.0)
      rack-protection (= 2.2.0)
      sinatra (= 2.2.0)
      tilt (~> 2.0)
    sqlite3 (1.3.13)
    thin (1.7.2)
      daemons (~> 1.0, >= 1.0.9)
      eventmachine (~> 1.0, >= 1.0.4)
      rack (>= 1, < 3)
    tilt (2.0.10)

PLATFORMS
  ruby

DEPENDENCIES
  bundler
  erubis
  faker
  leveldb-ruby
  minitest
  msgpack
  nokogiri
  parallel
  pg
  pry
  rake
  retriable
  ruby-kafka
  rufo (~> 0.3.0)
  sentry-raven
  sequel
  sinatra
  sinatra-contrib
  sqlite3
  thin

BUNDLED WITH
   1.17.1
